PATH
  remote: .
  specs:
    alipay_mobile (0.0.3)

GEM
  remote: https://rubygems.org/
  specs:
    fakeweb (1.3.0)
    mini_portile (0.5.3)
    nokogiri (1.6.1)
      mini_portile (~> 0.5.0)
    rake (10.3.0)

PLATFORMS
  ruby

DEPENDENCIES
  alipay_mobile!
  bundler (~> 1.3)
  fakeweb
  nokogiri
  rake
