PATH
  remote: .
  specs:
    alipay_mobile (0.0.3)

GEM
  remote: https://rubygems.org/
  specs:
    fakeweb (1.3.0)
    mini_portile2 (2.4.0)
    nokogiri (1.9.1)
      mini_portile2 (~> 2.4.0)
    rake (12.3.3)

PLATFORMS
  ruby

DEPENDENCIES
  alipay_mobile!
  bundler (~> 1.3)
  fakeweb
  nokogiri (~> 1.9.1)
  rake

BUNDLED WITH
   1.17.3
