PATH
  remote: .
  specs:
    alipay (0.0.3)

GEM
  remote: https://rubygems.org/
  specs:
    fakeweb (1.3.0)
    mini_portile (0.5.2)
    nokogiri (1.6.1)
      mini_portile (~> 0.5.0)
    rake (10.1.1)

PLATFORMS
  ruby

DEPENDENCIES
  alipay!
  bundler (~> 1.3)
  fakeweb
  nokogiri
  rake
